PATH
  remote: .
  specs:
    motion-sqlite3 (0.3.1)
      motion.h

GEM
  remote: https://rubygems.org/
  specs:
    motion.h (0.0.3)
    rake (0.9.6)

PLATFORMS
  ruby

DEPENDENCIES
  motion-sqlite3!
  rake (~> 0.9.0)
